GEM
  specs:
    cabocha (0.69)
    gviz (0.3.5)
      thor
    thor (0.19.1)

PLATFORMS
  ruby

DEPENDENCIES
  cabocha
  gviz

BUNDLED WITH
   1.10.6
